GEM
  remote: https://rubygems.org/
  specs:
    backports (3.15.0)
    coderay (1.1.2)
<<<<<<< HEAD
=======
    erubis (2.7.0)
>>>>>>> master
    method_source (0.9.2)
    multi_json (1.13.1)
    mustermann (1.0.3)
    pg (1.1.4)
    pry (0.12.2)
      coderay (~> 1.1.0)
      method_source (~> 0.9.0)
    rack (2.0.7)
    rack-protection (2.0.5)
      rack
    sinatra (2.0.5)
      mustermann (~> 1.0)
      rack (~> 2.0)
      rack-protection (= 2.0.5)
      tilt (~> 2.0)
    sinatra-contrib (2.0.5)
      backports (>= 2.8.2)
      multi_json
      mustermann (~> 1.0)
      rack-protection (= 2.0.5)
      sinatra (= 2.0.5)
      tilt (>= 1.3, < 3)
    tilt (2.0.9)

PLATFORMS
  ruby

DEPENDENCIES
<<<<<<< HEAD
=======
  erubis
>>>>>>> master
  pg
  pry
  sinatra
  sinatra-contrib

<<<<<<< HEAD
RUBY VERSION
   ruby 2.4.1p111

=======
>>>>>>> master
BUNDLED WITH
   2.0.1
